PATH
  remote: .
  specs:
    intacctrb (0.7.1)
      hooks
      nokogiri

GEM
  remote: https://rubygems.org/
  specs:
    actionpack (5.0.0)
      actionview (= 5.0.0)
      activesupport (= 5.0.0)
      rack (~> 2.0)
      rack-test (~> 0.6.3)
      rails-dom-testing (~> 2.0)
      rails-html-sanitizer (~> 1.0, >= 1.0.2)
    actionview (5.0.0)
      activesupport (= 5.0.0)
      builder (~> 3.1)
      erubis (~> 2.7.0)
      rails-dom-testing (~> 2.0)
      rails-html-sanitizer (~> 1.0, >= 1.0.2)
    activesupport (5.0.0)
      concurrent-ruby (~> 1.0, >= 1.0.2)
      i18n (~> 0.7)
      minitest (~> 5.1)
      tzinfo (~> 1.1)
    awesome_print (1.7.0)
    builder (3.2.2)
    coderay (1.1.1)
    concurrent-ruby (1.0.2)
    diff-lcs (1.2.5)
    dotenv (2.1.1)
    dotenv-rails (2.1.1)
      dotenv (= 2.1.1)
      railties (>= 4.0, < 5.1)
    erubis (2.7.0)
    faker (1.6.6)
      i18n (~> 0.5)
    gherkin (2.12.2)
      multi_json (~> 1.3)
    hooks (0.4.1)
      uber (~> 0.0.14)
    i18n (0.7.0)
    loofah (2.0.3)
      nokogiri (>= 1.5.9)
    method_source (0.8.2)
    mini_portile2 (2.1.0)
    minitest (5.9.0)
    multi_json (1.12.1)
    nokogiri (1.6.8)
      mini_portile2 (~> 2.1.0)
      pkg-config (~> 1.1.7)
    pkg-config (1.1.7)
    pry (0.10.4)
      coderay (~> 1.1.0)
      method_source (~> 0.8.1)
      slop (~> 3.4)
    rack (2.0.1)
    rack-test (0.6.3)
      rack (>= 1.0)
    rails-dom-testing (2.0.1)
      activesupport (>= 4.2.0, < 6.0)
      nokogiri (~> 1.6.0)
    rails-html-sanitizer (1.0.3)
      loofah (~> 2.0)
    railties (5.0.0)
      actionpack (= 5.0.0)
      activesupport (= 5.0.0)
      method_source
      rake (>= 0.8.7)
      thor (>= 0.18.1, < 2.0)
    rake (11.2.2)
    rspec (3.5.0)
      rspec-core (~> 3.5.0)
      rspec-expectations (~> 3.5.0)
      rspec-mocks (~> 3.5.0)
    rspec-core (3.5.2)
      rspec-support (~> 3.5.0)
    rspec-expectations (3.5.0)
      diff-lcs (>= 1.2.0, < 2.0)
      rspec-support (~> 3.5.0)
    rspec-mocks (3.5.0)
      diff-lcs (>= 1.2.0, < 2.0)
      rspec-support (~> 3.5.0)
    rspec-support (3.5.0)
    slop (3.6.0)
    thor (0.19.1)
    thread_safe (0.3.5)
    turnip (2.1.1)
      gherkin (~> 2.5)
      rspec (>= 3.0, < 4.0)
    tzinfo (1.2.2)
      thread_safe (~> 0.1)
    uber (0.0.15)

PLATFORMS
  ruby

DEPENDENCIES
  awesome_print
  bundler (~> 1.3)
  dotenv-rails
  faker (>= 1.2.0)
  intacctrb!
  pry
  rake
  rspec
  turnip

BUNDLED WITH
   1.16.1
